GIT
  remote: git://github.com/bshelton229/bcycle-ruby.git
  revision: 748960de45fea0d04cfb55d56f16c8c3a6972065
  specs:
    bcycle (0.0.1)
      json

GIT
  remote: git@github.com:southpolesteve/ai4r.git
  revision: b89f995946498a23ea0faf9b0fee0bdcd940ed53
  specs:
    ai4r (1.12)

GEM
  remote: https://rubygems.org/
  specs:
    coderay (1.0.8)
    geokit (1.6.5)
      multi_json
    httparty (0.9.0)
      multi_json (~> 1.0)
      multi_xml
    json (1.7.5)
    method_source (0.8.1)
    multi_json (1.3.7)
    multi_xml (0.5.1)
    pry (0.9.10)
      coderay (~> 1.0.5)
      method_source (~> 0.8)
      slop (~> 3.3.1)
    slop (3.3.3)

PLATFORMS
  ruby

DEPENDENCIES
  ai4r!
  bcycle!
  geokit
  httparty
  pry
